GIT
  remote: https://758835560c03253fbb10a045b7fa54f6c54f31d8:x-oauth-basic@github.com/StartupCraft/sc-billing.git
  revision: 9b43338c72c40c43357e9aaaf779bbdaafac7bb8
  ref: 9b43338
  specs:
    sc-billing (0.1.0)
      dry-auto_inject (>= 0.4)
      dry-configurable (>= 0.7)
      dry-container (>= 0.6)
      dry-monads (>= 1.0)
      dry-transaction (>= 0.10)
      pg (>= 0.20)
      rails (>= 5.1, < 6.0)
      sequel (>= 5.0)
      stripe (>= 3.11)
      transproc (>= 1.0)

GIT
  remote: https://758835560c03253fbb10a045b7fa54f6c54f31d8:x-oauth-basic@github.com/StartupCraft/sc-webhooks.git
  revision: 5d55d274642c7f85ee54a419009f2bdb88161472
  specs:
    sc-webhooks (0.1.0)
      dry-configurable (>= 0.7)
      dry-transaction (>= 0.10)
      pg (>= 0.20)
      rails (>= 5.1, < 6.0)

GIT
  remote: https://github.com/jsonapi-rb/jsonapi-rails.git
  revision: 14a9421658495fe916ec1886834b6adfd764b211
  specs:
    jsonapi-rails (0.3.1)
      jsonapi-parser (~> 0.1.0)
      jsonapi-rb (~> 0.5.0)

GEM
  remote: https://rubygems.org/
  specs:
    aasm (5.0.0)
      concurrent-ruby (~> 1.0)
    actioncable (5.2.0)
      actionpack (= 5.2.0)
      nio4r (~> 2.0)
      websocket-driver (>= 0.6.1)
    actionmailer (5.2.0)
      actionpack (= 5.2.0)
      actionview (= 5.2.0)
      activejob (= 5.2.0)
      mail (~> 2.5, >= 2.5.4)
      rails-dom-testing (~> 2.0)
    actionpack (5.2.0)
      actionview (= 5.2.0)
      activesupport (= 5.2.0)
      rack (~> 2.0)
      rack-test (>= 0.6.3)
      rails-dom-testing (~> 2.0)
      rails-html-sanitizer (~> 1.0, >= 1.0.2)
    actionview (5.2.0)
      activesupport (= 5.2.0)
      builder (~> 3.1)
      erubi (~> 1.4)
      rails-dom-testing (~> 2.0)
      rails-html-sanitizer (~> 1.0, >= 1.0.3)
    activejob (5.2.0)
      activesupport (= 5.2.0)
      globalid (>= 0.3.6)
    activemodel (5.2.0)
      activesupport (= 5.2.0)
    activerecord (5.2.0)
      activemodel (= 5.2.0)
      activesupport (= 5.2.0)
      arel (>= 9.0)
    activestorage (5.2.0)
      actionpack (= 5.2.0)
      activerecord (= 5.2.0)
      marcel (~> 0.3.1)
    activesupport (5.2.0)
      concurrent-ruby (~> 1.0, >= 1.0.2)
      i18n (>= 0.7, < 2)
      minitest (~> 5.1)
      tzinfo (~> 1.1)
    addressable (2.5.2)
      public_suffix (>= 2.0.2, < 4.0)
    arel (9.0.0)
    ast (2.4.0)
    aws-eventstream (1.0.1)
    aws-partitions (1.94.0)
    aws-sdk-core (3.21.3)
      aws-eventstream (~> 1.0)
      aws-partitions (~> 1.0)
      aws-sigv4 (~> 1.0)
      jmespath (~> 1.0)
    aws-sdk-ssm (1.15.0)
      aws-sdk-core (~> 3)
      aws-sigv4 (~> 1.0)
    aws-sigv4 (1.0.2)
    aws-ssm-env (0.1.1)
      aws-sdk-ssm (~> 1)
    bcrypt (3.1.12)
    better_errors (2.4.0)
      coderay (>= 1.0.0)
      erubi (>= 1.0.0)
      rack (>= 0.9.0)
    binding_of_caller (0.8.0)
      debug_inspector (>= 0.0.1)
    bootsnap (1.3.0)
      msgpack (~> 1.0)
    builder (3.2.3)
    bundler-audit (0.6.0)
      bundler (~> 1.2)
      thor (~> 0.18)
    byebug (10.0.2)
    carrierwave (1.2.2)
      activemodel (>= 4.0.0)
      activesupport (>= 4.0.0)
      mime-types (>= 1.16)
    carrierwave-sequel (0.1.1)
      carrierwave
      sequel
    coderay (1.1.2)
    concurrent-ruby (1.0.5)
    connection_pool (2.2.2)
    crass (1.0.4)
    dante (0.2.0)
    database_cleaner (1.6.0)
    debug_inspector (0.0.3)
    diff-lcs (1.3)
    docile (1.3.1)
    dotenv (2.5.0)
    dotenv-rails (2.5.0)
      dotenv (= 2.5.0)
      railties (>= 3.2, < 6.0)
    dry-auto_inject (0.4.6)
      dry-container (>= 0.3.4)
    dry-configurable (0.7.0)
      concurrent-ruby (~> 1.0)
    dry-container (0.6.0)
      concurrent-ruby (~> 1.0)
      dry-configurable (~> 0.1, >= 0.1.3)
    dry-core (0.4.7)
      concurrent-ruby (~> 1.0)
    dry-equalizer (0.2.1)
    dry-events (0.1.0)
      concurrent-ruby (~> 1.0)
      dry-core (~> 0.4)
      dry-equalizer (~> 0.2)
    dry-inflector (0.1.2)
    dry-logic (0.4.2)
      dry-container (~> 0.2, >= 0.2.6)
      dry-core (~> 0.2)
      dry-equalizer (~> 0.2)
    dry-matcher (0.7.0)
    dry-monads (1.0.1)
      concurrent-ruby (~> 1.0)
      dry-core (~> 0.4, >= 0.4.4)
      dry-equalizer
    dry-transaction (0.13.0)
      dry-container (>= 0.2.8)
      dry-events (>= 0.1.0)
      dry-matcher (>= 0.7.0)
      dry-monads (>= 0.4.0)
    dry-types (0.13.2)
      concurrent-ruby (~> 1.0)
      dry-container (~> 0.3)
      dry-core (~> 0.4, >= 0.4.4)
      dry-equalizer (~> 0.2)
      dry-inflector (~> 0.1, >= 0.1.2)
      dry-logic (~> 0.4, >= 0.4.2)
    dry-validation (0.12.0)
      concurrent-ruby (~> 1.0)
      dry-configurable (~> 0.1, >= 0.1.3)
      dry-core (~> 0.2, >= 0.2.1)
      dry-equalizer (~> 0.2)
      dry-logic (~> 0.4, >= 0.4.0)
      dry-types (~> 0.13.1)
    erubi (1.7.1)
    excon (0.62.0)
    factory_bot (4.10.0)
      activesupport (>= 3.0.0)
    factory_bot_rails (4.10.0)
      factory_bot (~> 4.10.0)
      railties (>= 3.0.0)
    faraday (0.15.2)
      multipart-post (>= 1.2, < 3)
    ffaker (2.9.0)
    ffi (1.9.25)
    fog-aws (3.0.0)
      fog-core (~> 2.1)
      fog-json (~> 1.1)
      fog-xml (~> 0.1)
      ipaddress (~> 0.8)
    fog-core (2.1.0)
      builder
      excon (~> 0.58)
      formatador (~> 0.2)
      mime-types
    fog-json (1.2.0)
      fog-core
      multi_json (~> 1.10)
    fog-xml (0.1.3)
      fog-core
      nokogiri (>= 1.5.11, < 2.0.0)
    formatador (0.2.5)
    globalid (0.4.1)
      activesupport (>= 4.2.0)
    httpclient (2.8.3)
    i18n (1.0.1)
      concurrent-ruby (~> 1.0)
    ipaddress (0.8.3)
    jmespath (1.4.0)
    json (2.1.0)
    json-schema (2.8.0)
      addressable (>= 2.4)
    json_matchers (0.9.0)
      json-schema (~> 2.7)
    jsonapi-deserializable (0.2.0)
    jsonapi-parser (0.1.1)
    jsonapi-rb (0.5.0)
      jsonapi-deserializable (~> 0.2.0)
      jsonapi-serializable (~> 0.3.0)
    jsonapi-renderer (0.2.0)
    jsonapi-serializable (0.3.0)
      jsonapi-renderer (~> 0.2.0)
    jwt (1.5.6)
    knock (2.1.1)
      bcrypt (~> 3.1)
      jwt (~> 1.5)
      rails (>= 4.2)
    listen (3.1.5)
      rb-fsevent (~> 0.9, >= 0.9.4)
      rb-inotify (~> 0.9, >= 0.9.7)
      ruby_dep (~> 1.2)
    loofah (2.2.2)
      crass (~> 1.0.2)
      nokogiri (>= 1.5.9)
    mail (2.7.0)
      mini_mime (>= 0.1.1)
    marcel (0.3.2)
      mimemagic (~> 0.3.2)
    method_source (0.9.0)
    mime-types (3.1)
      mime-types-data (~> 3.2015)
    mime-types-data (3.2016.0521)
    mimemagic (0.3.2)
    mini_magick (4.8.0)
    mini_mime (1.0.0)
    mini_portile2 (2.3.0)
    minitest (5.11.3)
    msgpack (1.2.4)
    multi_json (1.13.1)
    multipart-post (2.0.0)
    mustache (1.0.5)
    nio4r (2.3.1)
    nokogiri (1.8.3)
      mini_portile2 (~> 2.3.0)
    parallel (1.12.1)
    parser (2.5.1.0)
      ast (~> 2.4.0)
    pg (1.0.0)
    powerpack (0.1.2)
    pry (0.11.3)
      coderay (~> 1.1.0)
      method_source (~> 0.9.0)
    pry-byebug (3.6.0)
      byebug (~> 10.0)
      pry (~> 0.10)
    public_suffix (3.0.2)
    puma (3.11.4)
    pundit (1.1.0)
      activesupport (>= 3.0.0)
    pusher (1.3.1)
      httpclient (~> 2.7)
      multi_json (~> 1.0)
      pusher-signature (~> 0.1.8)
    pusher-signature (0.1.8)
    rack (2.0.5)
    rack-attack (5.3.2)
      rack
    rack-cors (1.0.2)
    rack-protection (2.0.3)
      rack
    rack-test (1.0.0)
      rack (>= 1.0, < 3)
    rails (5.2.0)
      actioncable (= 5.2.0)
      actionmailer (= 5.2.0)
      actionpack (= 5.2.0)
      actionview (= 5.2.0)
      activejob (= 5.2.0)
      activemodel (= 5.2.0)
      activerecord (= 5.2.0)
      activestorage (= 5.2.0)
      activesupport (= 5.2.0)
      bundler (>= 1.3.0)
      railties (= 5.2.0)
      sprockets-rails (>= 2.0.0)
    rails-dom-testing (2.0.3)
      activesupport (>= 4.2.0)
      nokogiri (>= 1.6)
    rails-html-sanitizer (1.0.4)
      loofah (~> 2.2, >= 2.2.2)
    railties (5.2.0)
      actionpack (= 5.2.0)
      activesupport (= 5.2.0)
      method_source
      rake (>= 0.8.7)
      thor (>= 0.18.1, < 2.0)
    rainbow (3.0.0)
    rake (12.3.1)
    rb-fsevent (0.10.3)
    rb-inotify (0.9.10)
      ffi (>= 0.5.0, < 2)
    redis (4.0.1)
    rspec (3.7.0)
      rspec-core (~> 3.7.0)
      rspec-expectations (~> 3.7.0)
      rspec-mocks (~> 3.7.0)
    rspec-core (3.7.1)
      rspec-support (~> 3.7.0)
    rspec-expectations (3.7.0)
      diff-lcs (>= 1.2.0, < 2.0)
      rspec-support (~> 3.7.0)
    rspec-mocks (3.7.0)
      diff-lcs (>= 1.2.0, < 2.0)
      rspec-support (~> 3.7.0)
    rspec-rails (3.7.2)
      actionpack (>= 3.0)
      activesupport (>= 3.0)
      railties (>= 3.0)
      rspec-core (~> 3.7.0)
      rspec-expectations (~> 3.7.0)
      rspec-mocks (~> 3.7.0)
      rspec-support (~> 3.7.0)
    rspec-support (3.7.1)
    rspec_api_documentation (5.1.0)
      activesupport (>= 3.0.0)
      mustache (~> 1.0, >= 0.99.4)
      rspec (~> 3.0)
    rubocop (0.55.0)
      parallel (~> 1.10)
      parser (>= 2.5)
      powerpack (~> 0.1)
      rainbow (>= 2.2.2, < 4.0)
      ruby-progressbar (~> 1.7)
      unicode-display_width (~> 1.0, >= 1.0.1)
    ruby-progressbar (1.9.0)
    ruby_dep (1.5.0)
    sentry-raven (2.7.4)
      faraday (>= 0.7.6, < 1.0)
    sequel (5.9.0)
    sequel-rails (1.0.1)
      actionpack (>= 4.0.0)
      activemodel (>= 4.0.0)
      railties (>= 4.0.0)
      sequel (>= 3.28, < 6.0)
    sequel_postgresql_triggers (1.4.0)
      sequel
    sequel_pretty_print (0.2)
      sequel
    sequel_secure_password (0.2.15)
      bcrypt (>= 3.1, < 4.0)
      sequel (>= 4.1.0, < 6.0)
    sidekiq (5.1.3)
      concurrent-ruby (~> 1.0)
      connection_pool (~> 2.2, >= 2.2.0)
      rack-protection (>= 1.5.0)
      redis (>= 3.3.5, < 5)
    simplecov (0.16.1)
      docile (~> 1.1)
      json (>= 1.8, < 3)
      simplecov-html (~> 0.10.0)
    simplecov-html (0.10.2)
    spring (2.0.2)
      activesupport (>= 4.2)
    spring-commands-rspec (1.0.4)
      spring (>= 0.9.1)
    spring-watcher-listen (2.0.1)
      listen (>= 2.7, < 4.0)
      spring (>= 1.2, < 3.0)
    sprockets (3.7.2)
      concurrent-ruby (~> 1.0)
      rack (> 1, < 3)
    sprockets-rails (3.2.1)
      actionpack (>= 4.0)
      activesupport (>= 4.0)
      sprockets (>= 3.0.0)
    streamio-ffmpeg (3.0.2)
      multi_json (~> 1.8)
    stripe (3.21.0)
      faraday (~> 0.10)
    stripe-ruby-mock (2.5.3)
      dante (>= 0.2.0)
      multi_json (~> 1.0)
      stripe (>= 2.0.3)
    thor (0.20.0)
    thread_safe (0.3.6)
    timecop (0.9.1)
    transproc (1.0.2)
    tzinfo (1.2.5)
      thread_safe (~> 0.1)
    unicode-display_width (1.4.0)
    websocket-driver (0.7.0)
      websocket-extensions (>= 0.1.0)
    websocket-extensions (0.1.3)

PLATFORMS
  ruby

DEPENDENCIES
  aasm (~> 5.0)
  aws-ssm-env (~> 0.1)
  bcrypt (~> 3.1)
  better_errors (~> 2.4)
  binding_of_caller (~> 0.8.0)
  bootsnap (>= 1.1.0)
  bundler-audit (~> 0.6)
  carrierwave (~> 1.2, >= 1.2.2)
  carrierwave-sequel (~> 0.1.1)
  database_cleaner (= 1.6)
  dotenv-rails (~> 2.2)
  dry-container (~> 0.6)
  dry-monads (~> 1.0)
  dry-transaction (~> 0.11)
  dry-validation (~> 0.12)
  factory_bot_rails (~> 4.8)
  ffaker (~> 2.9)
  fog-aws (~> 3.0)
  json_matchers (~> 0.9)
  jsonapi-rails!
  knock (~> 2.1)
  listen (>= 3.0.5, < 3.2)
  mini_magick (~> 4.8)
  pg (~> 1.0)
  pry-byebug
  puma (~> 3.11)
  pundit (~> 1.1)
  pusher (~> 1.3, >= 1.3.1)
  rack-attack (~> 5.0)
  rack-cors (~> 1.0)
  rails (~> 5.2.0)
  redis (~> 4.0)
  rspec-rails (~> 3.7)
  rspec_api_documentation (~> 5.1)
  rubocop (~> 0.55)
  sc-billing!
  sc-webhooks!
  sentry-raven (~> 2.7)
  sequel (~> 5.8)
  sequel-rails (~> 1.0)
  sequel_postgresql_triggers (~> 1.4)
  sequel_pretty_print (~> 0.2)
  sequel_secure_password (~> 0.2)
  sidekiq (~> 5.1)
  simplecov (~> 0.16.1)
  spring (~> 2.0)
  spring-commands-rspec (~> 1.0)
  spring-watcher-listen (~> 2.0.0)
  streamio-ffmpeg (~> 3.0, >= 3.0.2)
  stripe-ruby-mock (= 2.5.3)
  timecop (~> 0.9)
  tzinfo-data

RUBY VERSION
   ruby 2.5.1p57

BUNDLED WITH
   1.16.1
